GEM
  remote: http://rubygems.org/
  specs:
    cssmin (1.0.2)
    pdfkit (0.4.0)
    rake (0.8.7)
    rdiscount (1.6.5)

PLATFORMS
  ruby

DEPENDENCIES
  cssmin
  pdfkit
  rake (~> 0.8.7)
  rdiscount
